PATH
  remote: .
  specs:
    extid (0.1.0)

GEM
  remote: https://rubygems.org/
  specs:
    minitest (5.16.3)
    rake (13.0.6)

PLATFORMS
  x86_64-darwin-21
  x86_64-linux

DEPENDENCIES
  extid!
  minitest (~> 5.0)
  rake (~> 13.0)

BUNDLED WITH
   2.3.22
